GEM
  remote: https://rubygems.org/
  specs:
    elasticsearch (1.0.18)
      elasticsearch-api (= 1.0.18)
      elasticsearch-transport (= 1.0.18)
    elasticsearch-api (1.0.18)
      multi_json
    elasticsearch-transport (1.0.18)
      faraday
      multi_json
    faraday (0.9.2)
      multipart-post (>= 1.2, < 3)
    mail (2.6.4)
      mime-types (>= 1.16, < 4)
    mime-types (3.1)
      mime-types-data (~> 3.2015)
    mime-types-data (3.2016.0521)
    multi_json (1.12.1)
    multipart-post (2.0.0)

PLATFORMS
  ruby

DEPENDENCIES
  elasticsearch
  mail

BUNDLED WITH
   1.12.5
